GIT
  remote: git://github.com/cantierecreativo/railsyard-authentication-devise.git
  revision: c7d55e888eef9ff284333444b8378af3b93b5ad0
  branch: develop
  specs:
    railsyard-authentication-devise (0.0.1)
      coffee-rails
      compass-rails
      devise
      jquery-rails
      rails
      railsyard-backend
      slim-rails

GIT
  remote: git://github.com/cantierecreativo/railsyard-backend.git
  revision: b624ad6cd676d72900c955a7f348d3a4bad8ed03
  branch: develop
  specs:
    railsyard-backend (3.0.pre)
      blockenspiel
      cells
      coffee-rails
      compass-rails
      formalize-rails
      humane-rails
      jquery-rails
      kaminari
      rails
      responders
      sass-rails
      simple_form
      slim-rails

GIT
  remote: git://github.com/cantierecreativo/railsyard-dragonfly.git
  revision: 7f840e8c254bc144d08f4e2ebfd6ec6d79d377be
  specs:
    railsyard-dragonfly (0.0.2)
      dragonfly
      rails (~> 3.2.1)
      railsyard-backend
      simple_form (~> 2.0.1)

GIT
  remote: git://github.com/cantierecreativo/railsyard-gallery.git
  revision: 57ce9f36ddd78b5b82d1cfce3fc11114b6b6d4ce
  specs:
    railsyard-gallery (0.1.0)
      activerecord (>= 3.0.0)
      railsyard-backend

GIT
  remote: git://github.com/cantierecreativo/railsyard-wysihtml5.git
  revision: 5873800171d6ea9b9e4cadf2a1ccfefe0e099e06
  specs:
    railsyard-wysihtml5 (0.0.2)
      rails (~> 3.2.1)
      railsyard-backend
      simple_form (~> 2.0.1)

GEM
  remote: https://rubygems.org/
  specs:
    actionmailer (3.2.8)
      actionpack (= 3.2.8)
      mail (~> 2.4.4)
    actionpack (3.2.8)
      activemodel (= 3.2.8)
      activesupport (= 3.2.8)
      builder (~> 3.0.0)
      erubis (~> 2.7.0)
      journey (~> 1.0.4)
      rack (~> 1.4.0)
      rack-cache (~> 1.2)
      rack-test (~> 0.6.1)
      sprockets (~> 2.1.3)
    activemodel (3.2.8)
      activesupport (= 3.2.8)
      builder (~> 3.0.0)
    activerecord (3.2.8)
      activemodel (= 3.2.8)
      activesupport (= 3.2.8)
      arel (~> 3.0.2)
      tzinfo (~> 0.3.29)
    activeresource (3.2.8)
      activemodel (= 3.2.8)
      activesupport (= 3.2.8)
    activesupport (3.2.8)
      i18n (~> 0.6)
      multi_json (~> 1.0)
    arel (3.0.2)
    bcrypt-ruby (3.0.1)
    blockenspiel (0.4.5)
    builder (3.0.3)
    cells (3.8.5)
      actionpack (~> 3.0)
      railties (~> 3.0)
    chunky_png (1.2.6)
    coffee-rails (3.2.2)
      coffee-script (>= 2.2.0)
      railties (~> 3.2.0)
    coffee-script (2.2.0)
      coffee-script-source
      execjs
    coffee-script-source (1.3.3)
    compass (0.12.2)
      chunky_png (~> 1.2)
      fssm (>= 0.2.7)
      sass (~> 3.1)
    compass-rails (1.0.3)
      compass (>= 0.12.2, < 0.14)
    country_select (1.0.1)
    devise (2.1.2)
      bcrypt-ruby (~> 3.0)
      orm_adapter (~> 0.1)
      railties (~> 3.1)
      warden (~> 1.2.1)
    dragonfly (0.9.12)
      rack
    erubis (2.7.0)
    excon (0.16.2)
    execjs (1.4.0)
      multi_json (~> 1.0)
    fog (1.5.0)
      builder
      excon (~> 0.14)
      formatador (~> 0.2.0)
      mime-types
      multi_json (~> 1.0)
      net-scp (~> 1.0.4)
      net-ssh (>= 2.1.3)
      nokogiri (~> 1.5.0)
      ruby-hmac
    formalize-rails (0.1.3)
      railties (~> 3.1)
    formatador (0.2.3)
    fssm (0.2.9)
    hike (1.2.1)
    humane-rails (3.0.4.0.1.2)
    i18n (0.6.1)
    journey (1.0.4)
    jquery-rails (2.1.2)
      railties (>= 3.1.0, < 5.0)
      thor (~> 0.14)
    json (1.7.5)
    kaminari (0.14.1)
      actionpack (>= 3.0.0)
      activesupport (>= 3.0.0)
    mail (2.4.4)
      i18n (>= 0.4.0)
      mime-types (~> 1.16)
      treetop (~> 1.4.8)
    mime-types (1.19)
    multi_json (1.3.6)
    net-scp (1.0.4)
      net-ssh (>= 1.99.1)
    net-ssh (2.5.2)
    nokogiri (1.5.5)
    orm_adapter (0.4.0)
    pg (0.14.0)
    polyglot (0.3.3)
    rack (1.4.1)
    rack-cache (1.2)
      rack (>= 0.4)
    rack-ssl (1.3.2)
      rack
    rack-test (0.6.1)
      rack (>= 1.0)
    rails (3.2.8)
      actionmailer (= 3.2.8)
      actionpack (= 3.2.8)
      activerecord (= 3.2.8)
      activeresource (= 3.2.8)
      activesupport (= 3.2.8)
      bundler (~> 1.0)
      railties (= 3.2.8)
    railties (3.2.8)
      actionpack (= 3.2.8)
      activesupport (= 3.2.8)
      rack-ssl (~> 1.3.2)
      rake (>= 0.8.7)
      rdoc (~> 3.4)
      thor (>= 0.14.6, < 2.0)
    rake (0.9.2.2)
    rdoc (3.12)
      json (~> 1.4)
    responders (0.9.2)
      railties (~> 3.1)
    ruby-hmac (0.4.0)
    sass (3.2.1)
    sass-rails (3.2.5)
      railties (~> 3.2.0)
      sass (>= 3.1.10)
      tilt (~> 1.3)
    simple_form (2.0.2)
      actionpack (~> 3.0)
      activemodel (~> 3.0)
    slim (1.3.0)
      temple (~> 0.4.1)
      tilt (~> 1.3.3)
    slim-rails (1.0.3)
      actionpack (~> 3.0)
      activesupport (~> 3.0)
      railties (~> 3.0)
      slim (~> 1.0)
    sprockets (2.1.3)
      hike (~> 1.2)
      rack (~> 1.0)
      tilt (~> 1.1, != 1.3.0)
    temple (0.4.1)
    thor (0.16.0)
    tilt (1.3.3)
    treetop (1.4.10)
      polyglot
      polyglot (>= 0.3.1)
    tzinfo (0.3.33)
    uglifier (1.3.0)
      execjs (>= 0.3.0)
      multi_json (~> 1.0, >= 1.0.2)
    warden (1.2.1)
      rack (>= 1.0)

PLATFORMS
  ruby

DEPENDENCIES
  coffee-rails (~> 3.2.1)
  country_select
  fog
  jquery-rails
  pg
  rails (= 3.2.8)
  railsyard-authentication-devise!
  railsyard-backend!
  railsyard-dragonfly!
  railsyard-gallery!
  railsyard-wysihtml5!
  sass-rails (~> 3.2.3)
  uglifier (>= 1.0.3)
